GEM
  remote: https://rubygems.org/
  specs:
    actioncable (5.0.5)
      actionpack (= 5.0.5)
      nio4r (>= 1.2, < 3.0)
      websocket-driver (~> 0.6.1)
    actionmailer (5.0.5)
      actionpack (= 5.0.5)
      actionview (= 5.0.5)
      activejob (= 5.0.5)
      mail (~> 2.5, >= 2.5.4)
      rails-dom-testing (~> 2.0)
    actionpack (5.0.5)
      actionview (= 5.0.5)
      activesupport (= 5.0.5)
      rack (~> 2.0)
      rack-test (~> 0.6.3)
      rails-dom-testing (~> 2.0)
      rails-html-sanitizer (~> 1.0, >= 1.0.2)
    actionview (5.0.5)
      activesupport (= 5.0.5)
      builder (~> 3.1)
      erubis (~> 2.7.0)
      rails-dom-testing (~> 2.0)
      rails-html-sanitizer (~> 1.0, >= 1.0.3)
    activejob (5.0.5)
      activesupport (= 5.0.5)
      globalid (>= 0.3.6)
    activemodel (5.0.5)
      activesupport (= 5.0.5)
    activerecord (5.0.5)
      activemodel (= 5.0.5)
      activesupport (= 5.0.5)
      arel (~> 7.0)
    activesupport (5.0.5)
      concurrent-ruby (~> 1.0, >= 1.0.2)
      i18n (~> 0.7)
      minitest (~> 5.1)
      tzinfo (~> 1.1)
    acts_as_api (1.0.1)
      activemodel (>= 3.0.0)
      activesupport (>= 3.0.0)
      rack (>= 1.1.0)
    airbrussh (1.2.0)
      sshkit (>= 1.6.1, != 1.7.0)
    apipie-rails (0.5.1)
      rails (>= 4.1)
    arel (7.1.4)
    authlogic (3.6.0)
      activerecord (>= 3.2, < 5.2)
      activesupport (>= 3.2, < 5.2)
      request_store (~> 1.0)
      scrypt (>= 1.2, < 4.0)
    autoprefixer-rails (7.2.3)
      execjs
    aws-sdk (2.9.17)
      aws-sdk-resources (= 2.9.17)
    aws-sdk-core (2.9.17)
      aws-sigv4 (~> 1.0)
      jmespath (~> 1.0)
    aws-sdk-resources (2.9.17)
      aws-sdk-core (= 2.9.17)
    aws-sigv4 (1.0.0)
    bindex (0.5.0)
    bootstrap (4.0.0.beta2.1)
      autoprefixer-rails (>= 6.0.3)
      popper_js (>= 1.12.3, < 2)
      sass (>= 3.5.2)
    builder (3.2.3)
    bullet (5.8.1)
      activesupport (>= 3.0.0)
      uniform_notifier (~> 1.11)
    byebug (9.0.6)
    cancancan (1.16.0)
    capistrano (3.8.1)
      airbrussh (>= 1.0.0)
      i18n
      rake (>= 10.0.0)
      sshkit (>= 1.9.0)
    capistrano-bundler (1.2.0)
      capistrano (~> 3.1)
      sshkit (~> 1.2)
    capistrano-faster-assets (1.0.2)
      capistrano (>= 3.1)
    capistrano-passenger (0.2.0)
      capistrano (~> 3.0)
    capistrano-rails (1.2.3)
      capistrano (~> 3.1)
      capistrano-bundler (~> 1.1)
    capistrano-rvm (0.1.2)
      capistrano (~> 3.0)
      sshkit (~> 1.2)
    chronic (0.10.2)
    climate_control (0.1.0)
    cocaine (0.5.8)
      climate_control (>= 0.0.3, < 1.0)
    cocoon (1.2.11)
    coffee-rails (4.2.2)
      coffee-script (>= 2.2.0)
      railties (>= 4.0.0)
    coffee-script (2.4.1)
      coffee-script-source
      execjs
    coffee-script-source (1.12.2)
    concurrent-ruby (1.0.5)
    connection_pool (2.2.2)
    cookies_eu (1.7.3)
      js_cookie_rails (~> 2.2.0)
    countries (2.1.3)
      i18n_data (~> 0.8.0)
      money (~> 6.9)
      sixarm_ruby_unaccent (~> 1.1)
      unicode_utils (~> 1.4)
    country_select (3.1.1)
      countries (~> 2.0)
      sort_alphabetical (~> 1.0)
    crass (1.0.4)
    daemons (1.2.4)
    delayed_job (4.1.3)
      activesupport (>= 3.0, < 5.2)
    delayed_job_active_record (4.1.2)
      activerecord (>= 3.0, < 5.2)
      delayed_job (>= 3.0, < 5)
    delayed_paperclip (3.0.1)
      activejob (>= 4.2)
      paperclip (>= 3.3)
    erubis (2.7.0)
    execjs (2.7.0)
    faraday (0.17.3)
      multipart-post (>= 1.2, < 3)
    fastimage (2.1.7)
    fcm (0.0.2)
      httparty
      json
    ffi (1.10.0)
    ffi-compiler (1.0.1)
      ffi (>= 1.0.0)
      rake
    formtastic (3.1.5)
      actionpack (>= 3.2.13)
    globalid (0.4.0)
      activesupport (>= 4.2.0)
    gmail (0.6.0)
      gmail_xoauth (>= 0.3.0)
      mail (>= 2.2.1)
    gmail_xoauth (0.4.2)
      oauth (>= 0.3.6)
    httparty (0.15.5)
      multi_xml (>= 0.5.2)
    i18n (0.9.5)
      concurrent-ruby (~> 1.0)
    i18n_data (0.8.0)
    jbuilder (2.7.0)
      activesupport (>= 4.2.0)
      multi_json (>= 1.2)
    jmespath (1.3.1)
    jquery-rails (4.3.1)
      rails-dom-testing (>= 1, < 3)
      railties (>= 4.2.0)
      thor (>= 0.14, < 2.0)
    js_cookie_rails (2.2.0)
      railties (>= 3.1)
    json (2.1.0)
    listen (3.0.8)
      rb-fsevent (~> 0.9, >= 0.9.4)
      rb-inotify (~> 0.9, >= 0.9.7)
    lograge (0.5.0)
      actionpack (>= 4, <= 5.1.0)
      activesupport (>= 4, <= 5.1.0)
      railties (>= 4, <= 5.1.0)
    logstash-event (1.2.02)
    lol_dba (2.1.5)
      actionpack (>= 3.0)
      activerecord (>= 3.0)
      railties (>= 3.0)
    loofah (2.2.2)
      crass (~> 1.0.2)
      nokogiri (>= 1.5.9)
    mail (2.6.6)
      mime-types (>= 1.16, < 4)
    method_source (0.9.0)
    mime-types (3.1)
      mime-types-data (~> 3.2015)
    mime-types-data (3.2016.0521)
    mimemagic (0.3.10)
      nokogiri (~> 1)
      rake
    mini_portile2 (2.3.0)
    minitest (5.11.3)
    money (6.10.1)
      i18n (>= 0.6.4, < 1.0)
    mono_logger (1.1.0)
    multi-select-rails (0.9.12)
      railties (>= 3.0)
    multi_json (1.12.1)
    multi_xml (0.6.0)
    multipart-post (2.1.1)
    net-http-persistent (3.1.0)
      connection_pool (~> 2.2)
    net-scp (1.2.1)
      net-ssh (>= 2.6.5)
    net-ssh (4.1.0)
    newrelic_rpm (5.4.0.347)
    nio4r (2.1.0)
    nokogiri (1.8.3)
      mini_portile2 (~> 2.3.0)
    oauth (0.5.4)
    paperclip (5.1.0)
      activemodel (>= 4.2.0)
      activesupport (>= 4.2.0)
      cocaine (~> 0.5.5)
      mime-types
      mimemagic (~> 0.3.0)
    paperclip-ffmpeg (1.0.1)
      paperclip (>= 2.5.2)
    paranoia (2.3.1)
      activerecord (>= 4.0, < 5.2)
    pg (0.21.0)
    popper_js (1.12.9)
    puma (4.3.9)
      nio4r (~> 2.0)
    rack (2.0.5)
    rack-test (0.6.3)
      rack (>= 1.0)
    railroady (1.5.2)
    rails (5.0.5)
      actioncable (= 5.0.5)
      actionmailer (= 5.0.5)
      actionpack (= 5.0.5)
      actionview (= 5.0.5)
      activejob (= 5.0.5)
      activemodel (= 5.0.5)
      activerecord (= 5.0.5)
      activesupport (= 5.0.5)
      bundler (>= 1.3.0)
      railties (= 5.0.5)
      sprockets-rails (>= 2.0.0)
    rails-dom-testing (2.0.3)
      activesupport (>= 4.2.0)
      nokogiri (>= 1.6)
    rails-html-sanitizer (1.0.4)
      loofah (~> 2.2, >= 2.2.2)
    rails-i18n (5.0.4)
      i18n (~> 0.7)
      railties (~> 5.0)
    rails_12factor (0.0.3)
      rails_serve_static_assets
      rails_stdout_logging
    rails_serve_static_assets (0.0.5)
    rails_stdout_logging (0.0.5)
    railties (5.0.5)
      actionpack (= 5.0.5)
      activesupport (= 5.0.5)
      method_source
      rake (>= 0.8.7)
      thor (>= 0.18.1, < 2.0)
    rake (12.3.2)
    rb-fsevent (0.10.2)
    rb-inotify (0.9.10)
      ffi (>= 0.5.0, < 2)
    remote_syslog_logger (1.0.3)
      syslog_protocol
    request_store (1.3.2)
    sass (3.5.4)
      sass-listen (~> 4.0.0)
    sass-listen (4.0.0)
      rb-fsevent (~> 0.9, >= 0.9.4)
      rb-inotify (~> 0.9, >= 0.9.7)
    sass-rails (5.0.6)
      railties (>= 4.0.0, < 6)
      sass (~> 3.1)
      sprockets (>= 2.8, < 4.0)
      sprockets-rails (>= 2.0, < 4.0)
      tilt (>= 1.1, < 3)
    scrypt (3.0.6)
      ffi-compiler (>= 1.0, < 2.0)
    sixarm_ruby_unaccent (1.2.0)
    slack-notifier (2.3.2)
    slim (3.0.8)
      temple (>= 0.7.6, < 0.9)
      tilt (>= 1.3.3, < 2.1)
    slim-rails (3.1.2)
      actionpack (>= 3.1)
      railties (>= 3.1)
      slim (~> 3.0)
    sort_alphabetical (1.1.0)
      unicode_utils (>= 1.2.2)
    spring (2.0.2)
      activesupport (>= 4.2)
    spring-watcher-listen (2.0.1)
      listen (>= 2.7, < 4.0)
      spring (>= 1.2, < 3.0)
    sprockets (3.7.2)
      concurrent-ruby (~> 1.0)
      rack (> 1, < 3)
    sprockets-rails (3.2.0)
      actionpack (>= 4.0)
      activesupport (>= 4.0)
      sprockets (>= 3.0.0)
    sqlite3 (1.3.13)
    sshkit (1.13.1)
      net-scp (>= 1.1.2)
      net-ssh (>= 2.8.0)
    stripe (4.12.0)
      faraday (~> 0.13)
      net-http-persistent (~> 3.0)
    syslog_protocol (0.9.2)
    temple (0.8.0)
    thor (0.20.0)
    thread_safe (0.3.6)
    tilt (2.0.8)
    turbolinks (5.0.1)
      turbolinks-source (~> 5)
    turbolinks-source (5.0.3)
    tzinfo (1.2.5)
      thread_safe (~> 0.1)
    uglifier (3.2.0)
      execjs (>= 0.3.0, < 3)
    unicode_utils (1.4.0)
    uniform_notifier (1.12.1)
    web-console (3.5.1)
      actionview (>= 5.0)
      activemodel (>= 5.0)
      bindex (>= 0.4.0)
      railties (>= 5.0)
    websocket-driver (0.6.5)
      websocket-extensions (>= 0.1.0)
    websocket-extensions (0.1.2)
    whenever (0.10.0)
      chronic (>= 0.6.3)
    wicked (1.3.2)
      railties (>= 3.0.7)
    will_paginate (3.1.6)

PLATFORMS
  ruby

DEPENDENCIES
  acts_as_api
  apipie-rails
  authlogic
  aws-sdk
  bootstrap (~> 4.0.0.beta2.1)
  bullet
  byebug
  cancancan (~> 1.10)
  capistrano-faster-assets (~> 1.0)
  capistrano-passenger
  capistrano-rails
  capistrano-rvm
  cocoon
  coffee-rails (~> 4.2)
  cookies_eu
  country_select
  daemons
  delayed_job_active_record
  delayed_paperclip
  fastimage
  fcm
  formtastic
  gmail
  jbuilder (~> 2.5)
  jquery-rails
  listen (~> 3.0.5)
  lograge
  logstash-event
  lol_dba
  mono_logger
  multi-select-rails
  newrelic_rpm
  paperclip
  paperclip-ffmpeg
  paranoia
  pg
  puma (~> 4.3)
  railroady
  rails (~> 5.0.2)
  rails-i18n (~> 5.0.0)
  rails_12factor
  remote_syslog_logger
  sass-rails (~> 5.0)
  slack-notifier
  slim-rails
  spring
  spring-watcher-listen (~> 2.0.0)
  sqlite3
  stripe (~> 4.12.0)
  turbolinks (~> 5)
  tzinfo-data
  uglifier (>= 1.3.0)
  web-console (>= 3.3.0)
  whenever
  wicked
  will_paginate (~> 3.1.0)

RUBY VERSION
   ruby 2.4.2p198

BUNDLED WITH
   1.16.6
